GEM
  remote: https://rubygems.org/
  specs:
    benchmark-ips (2.7.2)

PLATFORMS
  ruby

DEPENDENCIES
  benchmark-ips

BUNDLED WITH
   1.14.6
